GEM
  remote: https://rubygems.org/
  specs:
    csl (1.5.0)
      namae (~> 1.0)
    diff-lcs (1.3)
    fuubar (2.3.2)
      rspec-core (~> 3.0)
      ruby-progressbar (~> 1.4)
    mini_portile2 (2.4.0)
    namae (1.0.1)
    nokogiri (1.10.1)
      mini_portile2 (~> 2.4.0)
    nokogiri (1.10.1-x86-mingw32)
      mini_portile2 (~> 2.4.0)
    rake (12.3.3)
    rspec (3.8.0)
      rspec-core (~> 3.8.0)
      rspec-expectations (~> 3.8.0)
      rspec-mocks (~> 3.8.0)
    rspec-core (3.8.0)
      rspec-support (~> 3.8.0)
    rspec-expectations (3.8.2)
      diff-lcs (>= 1.2.0, < 2.0)
      rspec-support (~> 3.8.0)
    rspec-mocks (3.8.0)
      diff-lcs (>= 1.2.0, < 2.0)
      rspec-support (~> 3.8.0)
    rspec-support (3.8.0)
    ruby-progressbar (1.10.0)

PLATFORMS
  ruby
  x86-mingw32

DEPENDENCIES
  csl (~> 1.0)
  fuubar
  nokogiri
  rake
  rspec

BUNDLED WITH
   1.16.6
